GIT
  remote: git://github.com/bryanlarsen/hobo-jquery.git
  revision: b1f77faa6cf5c71767fa0c506af6ce5eb5466661
  branch: rails3
  specs:
    hobo-jquery (1.3.0pre1)

GIT
  remote: git://github.com/jeanmartin/paperclip.git
  revision: 4095e07adaace2a123cbd031fa268928f3b0ce87
  branch: master
  specs:
    paperclip (2.3.10)
      activerecord (>= 2.3.0)
      activesupport (>= 2.3.2)

GIT
  remote: git://github.com/tablatom/hobo.git
  revision: 85741ec6b99988fec5c6a72fd73ddd90ec520c5c
  branch: rails3
  specs:
    dryml (1.3.0.RC2)
      actionpack (~> 3.0.0)
      hobo_support (= 1.3.0.RC2)
    hobo (1.3.0.RC2)
      dryml (= 1.3.0.RC2)
      hobo_fields (= 1.3.0.RC2)
      hobo_support (= 1.3.0.RC2)
      will_paginate (>= 3.0.pre)
    hobo_fields (1.3.0.RC2)
      hobo_support (= 1.3.0.RC2)
    hobo_support (1.3.0.RC2)
      rails (~> 3.0.0)

GEM
  specs:
    Ascii85 (1.0.1)
    abstract (1.0.0)
    actionmailer (3.0.7)
      actionpack (= 3.0.7)
      mail (~> 2.2.15)
    actionpack (3.0.7)
      activemodel (= 3.0.7)
      activesupport (= 3.0.7)
      builder (~> 2.1.2)
      erubis (~> 2.6.6)
      i18n (~> 0.5.0)
      rack (~> 1.2.1)
      rack-mount (~> 0.6.14)
      rack-test (~> 0.5.7)
      tzinfo (~> 0.3.23)
    activemodel (3.0.7)
      activesupport (= 3.0.7)
      builder (~> 2.1.2)
      i18n (~> 0.5.0)
    activerecord (3.0.7)
      activemodel (= 3.0.7)
      activesupport (= 3.0.7)
      arel (~> 2.0.2)
      tzinfo (~> 0.3.23)
    activeresource (3.0.7)
      activemodel (= 3.0.7)
      activesupport (= 3.0.7)
    activesupport (3.0.7)
    arel (2.0.10)
    bluecloth (2.1.0)
    builder (2.1.2)
    erubis (2.6.6)
      abstract (>= 1.0.0)
    i18n (0.5.0)
    mail (2.2.19)
      activesupport (>= 2.3.6)
      i18n (>= 0.4.0)
      mime-types (~> 1.16)
      treetop (~> 1.4.8)
    mime-types (1.16)
    mysql2 (0.2.7)
    nested_has_many_through (0.0.2)
      rails (>= 3.0.0)
    nokogiri (1.5.0)
    pdf-reader (0.10.0)
      Ascii85 (~> 1.0.0)
    polyglot (0.3.1)
    prawn (0.11.1)
      pdf-reader (>= 0.9.0)
      ttfunk (~> 1.0.0)
    rack (1.2.3)
    rack-mount (0.6.14)
      rack (>= 1.0.0)
    rack-test (0.5.7)
      rack (>= 1.0)
    rails (3.0.7)
      actionmailer (= 3.0.7)
      actionpack (= 3.0.7)
      activerecord (= 3.0.7)
      activeresource (= 3.0.7)
      activesupport (= 3.0.7)
      bundler (~> 1.0)
      railties (= 3.0.7)
    railties (3.0.7)
      actionpack (= 3.0.7)
      activesupport (= 3.0.7)
      rake (>= 0.8.7)
      thor (~> 0.14.4)
    rake (0.9.2)
    sanitize (2.0.3)
      nokogiri (>= 1.4.4, < 1.6)
    thor (0.14.6)
    treetop (1.4.9)
      polyglot (>= 0.3.1)
    ttfunk (1.0.1)
    tzinfo (0.3.29)
    will_paginate (3.0.pre2)
    yaml_db (0.2.1)

PLATFORMS
  ruby

DEPENDENCIES
  bluecloth
  hobo!
  hobo-jquery!
  mysql2
  nested_has_many_through
  nokogiri
  paperclip!
  pdf-reader
  prawn
  rails (= 3.0.7)
  sanitize
  yaml_db
